GEM
  remote: https://rubygems.org/
  specs:
    activesupport (6.1.3.2)
      concurrent-ruby (~> 1.0, >= 1.0.2)
      i18n (>= 1.6, < 2)
      minitest (>= 5.1)
      tzinfo (~> 2.0)
      zeitwerk (~> 2.3)
    coderay (1.1.3)
    concurrent-ruby (1.1.8)
    ffi (1.15.1)
    i18n (1.8.10)
      concurrent-ruby (~> 1.0)
    method_source (1.0.0)
    minitest (5.14.4)
    parslet (1.8.2)
    pry (0.14.1)
      coderay (~> 1.1)
      method_source (~> 1.0)
    rb-inotify (0.10.1)
      ffi (~> 1.0)
    ruby-handlebars (0.4.0)
      parslet (~> 1.6, >= 1.6.2)
    systemcall (1.0.3)
    thor (1.1.0)
    tzinfo (2.0.4)
      concurrent-ruby (~> 1.0)
    zeitwerk (2.4.2)

PLATFORMS
  x86_64-darwin-20
  x86_64-linux

DEPENDENCIES
  activesupport
  pry
  rb-inotify
  ruby-handlebars
  systemcall
  thor

BUNDLED WITH
   2.2.17
